NUGET
  remote: https://nuget.org/api/v2
  specs:
    Deedle (1.0.7)
    Deedle.RPlugin (1.0.7)
      Deedle (>= 1.0.7)
      R.NET.Community (>= 1.5.16)
      R.NET.Community.FSharp (>= 0.1.9)
      RProvider (>= 1.1.8)
    DotNetZip (1.9.3)
    FAKE (3.14.7)
    Foogle.Charts (0.0.4)
    FSharp.Charting (0.90.9)
    FSharp.Compiler.Service (0.0.82)
    FSharp.Core (3.1.2.1)
    FSharp.Data (2.1.1)
      Zlib.Portable (>= 1.10.0)
    FSharp.Formatting (2.6.3)
      FSharp.Compiler.Service (>= 0.0.81)
    MathNet.Numerics (3.5.0)
      TaskParallelLibrary (>= 1.0.2856) - >= net35 < net40
    MathNet.Numerics.FSharp (3.5.0)
      FSharp.Core (>= 3.1.2.1)
      MathNet.Numerics (3.5.0)
    Newtonsoft.Json (6.0.8)
    NuGet.CommandLine (2.8.3)
    Paket.Core (0.24.2)
      DotNetZip (>= 1.9.3)
      FSharp.Core (>= 3.1.2.1)
      Newtonsoft.Json (>= 6.0.8)
    R.NET.Community (1.5.16)
    R.NET.Community.FSharp (0.1.9)
      R.NET.Community (>= 1.5.16)
    RProvider (1.1.8)
      R.NET.Community (1.5.16)
      R.NET.Community.FSharp (0.1.9)
    TaskParallelLibrary (1.0.2856.0) - >= net35 < net40
    Zlib.Portable (1.10.0)
