NUGET
  remote: https://nuget.org/api/v2
  specs:
    Deedle (1.2.4)
    Deedle.RPlugin (1.2.4)
      Deedle (>= 1.2.4)
      R.NET.Community (>= 1.6.4)
      R.NET.Community.FSharp (>= 1.6.4)
      RProvider (>= 1.1.13)
    DotNetZip (1.9.7)
    DynamicInterop (0.7.4)
    FAKE (4.9.1)
    Foogle.Charts (0.0.5)
    FSharp.Charting (0.90.13)
    FSharp.Compiler.Service (1.4.0.6)
    FSharp.Core (4.0.0.1)
    FSharp.Data (2.2.5)
      Zlib.Portable (>= 1.10.0) - framework: portable-net40+sl50+wp80+win80
    FSharp.Formatting (2.12.0)
      FSharp.Compiler.Service (1.4.0.6)
      FSharpVSPowerTools.Core (2.1.0)
    FSharpVSPowerTools.Core (2.1.0)
      FSharp.Compiler.Service (>= 1.4.0.6)
    Google.DataTable.Net.Wrapper (3.1.2)
    Http.fs (1.5.1)
    MathNet.Numerics (3.8.0)
      TaskParallelLibrary (>= 1.0.2856.0) - framework: net35
    MathNet.Numerics.FSharp (3.8.0)
      FSharp.Core (>= 3.1.2.5)
      MathNet.Numerics (3.8.0)
    Newtonsoft.Json (7.0.1)
    NuGet.CommandLine (2.8.6)
    Paket.Core (2.25.0)
      FSharp.Core
      Newtonsoft.Json
    R.NET.Community (1.6.4)
      DynamicInterop (0.7.4)
    R.NET.Community.FSharp (1.6.4)
      R.NET.Community (>= 1.6.4)
    RProvider (1.1.15)
      DynamicInterop (0.7.4)
      R.NET.Community (1.6.4)
      R.NET.Community.FSharp (1.6.4)
    TaskParallelLibrary (1.0.2856) - framework: net35
    XPlot.GoogleCharts (1.2.2)
      Google.DataTable.Net.Wrapper
      Newtonsoft.Json
    XPlot.GoogleCharts.Deedle (1.2.2)
      Deedle
      XPlot.GoogleCharts (>= 1.2.2)
    XPlot.Plotly (1.2.2)
      Http.fs
      Newtonsoft.Json
    Zlib.Portable (1.11.0) - framework: portable-net40+sl50+wp80+win80
HTTP
  remote: http://raw.githubusercontent.com
  specs:
    build.cmd (/fslaborg/FsLab.Templates/journal/build.cmd)
    build.fsx (/fslaborg/FsLab.Templates/journal/build.fsx)
    build.sh (/fslaborg/FsLab.Templates/journal/build.sh)
    FsLab.Journal.fsproj (/fslaborg/FsLab.Templates/journal/FsLab.Journal.fsproj)
    Runner.fs (/fslaborg/FsLab.Templates/journal/Runner.fs)
    Tutorial.fsx (/fslaborg/FsLab.Templates/journal/Tutorial.fsx)