NUGET
  remote: https://nuget.org/api/v2
  specs:
    Deedle (1.0.7)
    Deedle.RPlugin (1.0.7)
      Deedle (>= 1.0.7)
      R.NET.Community (>= 1.5.16)
      R.NET.Community.FSharp (>= 0.1.9)
      RProvider (>= 1.1.8)
    FAKE (3.28.7)
    Foogle.Charts (0.0.5)
    FSharp.Charting (0.90.10)
    FSharp.Compiler.Service (0.0.89)
    FSharp.Core (3.1.2.1)
    FSharp.Data (2.2.0)
      Zlib.Portable (>= 1.10.0) - framework: portable-net40+sl50+wp80+win80
    FSharp.Formatting (2.9.1)
      FSharp.Compiler.Service (>= 0.0.87)
      FSharpVSPowerTools.Core (1.8.0)
    FSharpVSPowerTools.Core (1.8.0)
      FSharp.Compiler.Service (>= 0.0.87)
    MathNet.Numerics (3.6.0)
      TaskParallelLibrary (>= 1.0.2856) - framework: >= net35 < net40
    MathNet.Numerics.FSharp (3.6.0)
      FSharp.Core (>= 3.1.2.1)
      MathNet.Numerics (3.6.0)
    Newtonsoft.Json (6.0.8)
    NuGet.CommandLine (2.8.5)
    Paket.Core (1.1.0)
      FSharp.Core
      Newtonsoft.Json
    R.NET.Community (1.5.16)
    R.NET.Community.FSharp (0.1.9)
      R.NET.Community (>= 1.5.16)
    RProvider (1.1.8)
      R.NET.Community (1.5.16)
      R.NET.Community.FSharp (0.1.9)
    TaskParallelLibrary (1.0.2856.0) - framework: >= net35 < net40
    Zlib.Portable (1.10.0) - framework: portable-net40+sl50+wp80+win80
