FRAMEWORK: NET20, NET40, NET45
NUGET
  remote: https://www.nuget.org/api/v2
    Chessie (0.5.1)
      FSharp.Core
    Deedle (1.2.5)
    Deedle.RPlugin (1.2.5)
      Deedle (>= 1.2.5)
      R.NET.Community (>= 1.6.4)
      R.NET.Community.FSharp (>= 1.6.4)
      RProvider (>= 1.1.13)
    DotNetZip (1.10.1)
    DynamicInterop (0.7.4)
    FAKE (4.29.2)
    Foogle.Charts (0.0.5)
    FSharp.Charting (0.90.14)
    FSharp.Compiler.Service (2.0.0.6)
    FSharp.Core (4.0.0.1)
    FSharp.Data (2.3.1)
    FSharp.Formatting (2.14.4)
      FSharp.Compiler.Service (2.0.0.6)
      FSharpVSPowerTools.Core (>= 2.3 < 2.4)
    FSharpVSPowerTools.Core (2.3)
      FSharp.Compiler.Service (>= 2.0.0.3)
    Google.DataTable.Net.Wrapper (3.1.2)
    Http.fs (1.5.1)
    MathNet.Numerics (3.11.1)
    MathNet.Numerics.FSharp (3.11.1)
      FSharp.Core (>= 3.1.2.5)
      MathNet.Numerics (3.11.1)
    Mono.Cecil (0.9.6.1)
    Newtonsoft.Json (9.0.1)
    NuGet.CommandLine (3.3)
    Paket.Core (3.3.6)
      Chessie
      FSharp.Core
      Mono.Cecil
      Newtonsoft.Json
    R.NET.Community (1.6.5)
      DynamicInterop (0.7.4)
    R.NET.Community.FSharp (1.6.5)
      R.NET.Community (>= 1.6.5)
    RProvider (1.1.20)
      DynamicInterop (0.7.4)
      R.NET.Community (1.6.5)
      R.NET.Community.FSharp (1.6.5)
    XPlot.GoogleCharts (1.3.1)
      Google.DataTable.Net.Wrapper
      Newtonsoft.Json
    XPlot.GoogleCharts.Deedle (1.3.1)
      Deedle
      XPlot.GoogleCharts (>= 1.3.1)
    XPlot.Plotly (1.3.1)
      Http.fs
      Newtonsoft.Json
HTTP
  remote: http://raw.githubusercontent.com
    build.cmd (/fslaborg/FsLab.Templates/journal/build.cmd)
    build.fsx (/fslaborg/FsLab.Templates/journal/build.fsx)
    build.sh (/fslaborg/FsLab.Templates/journal/build.sh)
    FsLab.Journal.fsproj (/fslaborg/FsLab.Templates/journal/FsLab.Journal.fsproj)
    Runner.fs (/fslaborg/FsLab.Templates/journal/Runner.fs)
    Tutorial.fsx (/fslaborg/FsLab.Templates/journal/Tutorial.fsx)